GEM
  remote: http://rubygems.org/
  specs:
    diff-lcs (1.1.2)
    notifier (0.1.2)
    polyglot (0.3.1)
    rspec (2.2.0)
      rspec-core (~> 2.2)
      rspec-expectations (~> 2.2)
      rspec-mocks (~> 2.2)
    rspec-core (2.2.1)
    rspec-expectations (2.2.0)
      diff-lcs (~> 1.1.2)
    rspec-mocks (2.2.0)
    ruby-dzen (0.0.1)
    treetop (1.4.9)
      polyglot (>= 0.3.1)

PLATFORMS
  ruby

DEPENDENCIES
  notifier (~> 0.1.2)
  rspec (~> 2.2)
  ruby-dzen (~> 0.0.1)
  treetop (~> 1.4.9)
